GEM
  remote: https://rubygems.org/
  specs:
    activesupport (7.0.3.1)
      concurrent-ruby (~> 1.0, >= 1.0.2)
      i18n (>= 1.6, < 2)
      minitest (>= 5.1)
      tzinfo (~> 2.0)
    celluloid (0.18.0)
      timers (~> 4)
    celluloid-io (0.17.3)
      celluloid (>= 0.17.2)
      nio4r (>= 1.1)
      timers (>= 4.1.1)
    concurrent-ruby (1.1.10)
    domain_name (0.5.20190701)
      unf (>= 0.0.5, < 1.0.0)
    faraday (1.1.0)
      multipart-post (>= 1.2, < 3)
      ruby2_keywords
    faraday_middleware (1.0.0)
      faraday (~> 1.0)
    gli (2.19.2)
    hashie (4.1.0)
    http-accept (1.7.0)
    http-cookie (1.0.3)
      domain_name (~> 0.5)
    i18n (1.12.0)
      concurrent-ruby (~> 1.0)
    mime-types (3.3.1)
      mime-types-data (~> 3.2015)
    mime-types-data (3.2020.1104)
    minitest (5.16.2)
    multipart-post (2.1.1)
    netrc (0.11.0)
    nio4r (2.5.4)
    rest-client (2.1.0)
      http-accept (>= 1.7.0, < 2.0)
      http-cookie (>= 1.0.2, < 2.0)
      mime-types (>= 1.16, < 4.0)
      netrc (~> 0.8)
    ruby2_keywords (0.0.2)
    slack-ruby-bot (0.16.1)
      activesupport
      hashie
      slack-ruby-client (>= 0.14.0)
    slack-ruby-client (0.15.1)
      faraday (>= 1.0)
      faraday_middleware
      gli
      hashie
      websocket-driver
    timers (4.3.2)
    tzinfo (2.0.5)
      concurrent-ruby (~> 1.0)
    unf (0.1.4)
      unf_ext
    unf_ext (0.0.7.7)
    websocket-driver (0.7.3)
      websocket-extensions (>= 0.1.0)
    websocket-extensions (0.1.5)

PLATFORMS
  ruby

DEPENDENCIES
  celluloid-io
  rest-client
  slack-ruby-bot

BUNDLED WITH
   1.16.0
